GIT
  remote: https://github.com/ruby-hyper-text/ruht.git
  revision: ad9bca4341a7235c85e662d0570693214d4e9fff
  branch: main
  specs:
    ruht (0.1.0)

GEM
  remote: https://rubygems.org/
  specs:
    ast (2.4.2)
    ffi (1.15.5)
    json (2.6.3)
    listen (3.8.0)
      rb-fsevent (~> 0.10, >= 0.10.3)
      rb-inotify (~> 0.9, >= 0.9.10)
    mustermann (3.0.0)
      ruby2_keywords (~> 0.0.1)
    nio4r (2.5.8)
    parallel (1.22.1)
    parser (3.2.0.0)
      ast (~> 2.4.1)
    puma (6.0.2)
      nio4r (~> 2.0)
    rack (2.2.6.2)
    rack-protection (3.0.5)
      rack
    rainbow (3.1.1)
    rb-fsevent (0.11.2)
    rb-inotify (0.10.1)
      ffi (~> 1.0)
    regexp_parser (2.6.2)
    rerun (0.14.0)
      listen (~> 3.0)
    rexml (3.2.5)
    rubocop (1.44.1)
      json (~> 2.3)
      parallel (~> 1.10)
      parser (>= 3.2.0.0)
      rainbow (>= 2.2.2, < 4.0)
      regexp_parser (>= 1.8, < 3.0)
      rexml (>= 3.2.5, < 4.0)
      rubocop-ast (>= 1.24.1, < 2.0)
      ruby-progressbar (~> 1.7)
      unicode-display_width (>= 2.4.0, < 3.0)
    rubocop-ast (1.24.1)
      parser (>= 3.1.1.0)
    ruby-progressbar (1.11.0)
    ruby2_keywords (0.0.5)
    sinatra (3.0.5)
      mustermann (~> 3.0)
      rack (~> 2.2, >= 2.2.4)
      rack-protection (= 3.0.5)
      tilt (~> 2.0)
    tilt (2.0.11)
    unicode-display_width (2.4.2)

PLATFORMS
  arm64-darwin-21
  arm64-linux
  linux
  ruby

DEPENDENCIES
  puma
  rerun
  rubocop (~> 1.21)
  ruht!
  sinatra

BUNDLED WITH
   2.3.12
